PATH
  remote: .
  specs:
    carpenter (0.1.0)
      hashie
      highline
      mixlib-log
      mixlib-shellout
      thor

GEM
  remote: https://rubygems.org/
  specs:
    coderay (1.1.1)
    hashie (3.5.6)
    highline (1.7.8)
    method_source (0.8.2)
    mixlib-log (1.7.1)
    mixlib-shellout (2.3.2)
    pry (0.10.4)
      coderay (~> 1.1.0)
      method_source (~> 0.8.1)
      slop (~> 3.4)
    slop (3.6.0)
    thor (0.19.4)

PLATFORMS
  ruby

DEPENDENCIES
  carpenter!
  pry

BUNDLED WITH
   1.15.3
