PATH
  remote: .
  specs:
    carpenter (0.1.0)
      aws-sdk-ec2 (~> 1)
      aws-sdk-route53 (~> 1)
      hashie
      highline
      mixlib-log
      mixlib-shellout
      mixlib-versioning
      thor
      tomlrb

GEM
  remote: https://rubygems.org/
  specs:
    aws-partitions (1.44.0)
    aws-sdk-core (3.11.0)
      aws-partitions (~> 1.0)
      aws-sigv4 (~> 1.0)
      jmespath (~> 1.0)
    aws-sdk-ec2 (1.21.0)
      aws-sdk-core (~> 3)
      aws-sigv4 (~> 1.0)
    aws-sdk-route53 (1.5.0)
      aws-sdk-core (~> 3)
      aws-sigv4 (~> 1.0)
    aws-sigv4 (1.0.2)
    coderay (1.1.1)
    hashie (3.5.6)
    highline (1.7.10)
    jmespath (1.3.1)
    method_source (0.8.2)
    mixlib-log (1.7.1)
    mixlib-shellout (2.3.2)
    mixlib-versioning (1.2.2)
    pry (0.10.4)
      coderay (~> 1.1.0)
      method_source (~> 0.8.1)
      slop (~> 3.4)
    slop (3.6.0)
    thor (0.20.0)
    tomlrb (1.2.6)

PLATFORMS
  ruby

DEPENDENCIES
  carpenter!
  pry

BUNDLED WITH
   1.15.3
